GIT
  remote: https://075f5f799dc6cfd1d44e4b5c8db6094ded0cd9e7:x-oauth-basic@github.com/vitrue/brokerizer.git
  revision: 708469ac98b7bcb31dcc5622dde2e586e8a96688
  tag: v1.1.0
  specs:
    brokerizer (0.0.1)
      log4r (~> 1.1.10)
      sinatra-jsonp (>= 0.4.3)

GIT
  remote: https://075f5f799dc6cfd1d44e4b5c8db6094ded0cd9e7:x-oauth-basic@github.com/vitrue/event-subscriber.git
  revision: b4560873e8ce4051bf57853bf38680f3387ebeeb
  branch: yizjiang/broker_event
  specs:
    event-subscriber (0.1.9)
      amqp
      eventmachine
      httpclient
      uuidtools

GIT
  remote: https://075f5f799dc6cfd1d44e4b5c8db6094ded0cd9e7:x-oauth-basic@github.com/vitrue/gatekeeperizer.git
  revision: aadf212308b865a664b79d09ab9445d22e58256c
  tag: v1.0.5
  specs:
    gatekeeperizer (1.0.1)
      activesupport (>= 3.0.0)
      typhoeus (>= 0.3.3)

GEM
  remote: http://rubygems.org/
  specs:
    activesupport (4.1.1)
      i18n (~> 0.6, >= 0.6.9)
      json (~> 1.7, >= 1.7.7)
      minitest (~> 5.1)
      thread_safe (~> 0.1)
      tzinfo (~> 1.1)
    amq-protocol (1.9.2)
    amqp (1.4.0)
      amq-protocol (>= 1.9.2)
      eventmachine
    bunny (1.3.1)
      amq-protocol (>= 1.9.2)
    celluloid (0.15.2)
      timers (~> 1.1.0)
    coderay (1.1.0)
    connection_pool (2.0.0)
    ethon (0.7.0)
      ffi (>= 1.3.0)
    eventmachine (1.0.3)
    ffi (1.9.3)
    httpclient (2.4.0)
    i18n (0.6.9)
    json (1.8.1)
    kgio (2.9.2)
    log4r (1.1.10)
    logger (1.2.8)
    method_source (0.8.2)
    mime-types (1.19)
    minitest (5.3.5)
    multi_json (1.10.1)
    pry (0.10.0)
      coderay (~> 1.1.0)
      method_source (~> 0.8.1)
      slop (~> 3.4)
    rack (1.5.2)
    rack-protection (1.5.3)
      rack
    raindrops (0.13.0)
    rake (10.3.2)
    redis (3.0.7)
    redis-namespace (1.4.1)
      redis (~> 3.0.4)
    sequel (4.11.0)
    sidekiq (3.1.4)
      celluloid (>= 0.15.2)
      connection_pool (>= 2.0.0)
      json
      redis (>= 3.0.6)
      redis-namespace (>= 1.3.1)
    sidekiq-failures (0.4.2)
      sidekiq (>= 2.16.0)
    sidekiq-middleware (0.3.0)
      sidekiq (>= 2.12.4)
    sinatra (1.4.5)
      rack (~> 1.4)
      rack-protection (~> 1.4)
      tilt (~> 1.3, >= 1.3.4)
    sinatra-jsonp (0.4.3)
      multi_json (~> 1.8)
      sinatra (~> 1.0)
    slop (3.5.0)
    sqlite3 (1.3.9)
    thread_safe (0.3.4)
    tilt (1.4.1)
    timers (1.1.0)
    typhoeus (0.6.8)
      ethon (>= 0.7.0)
    tzinfo (1.2.1)
      thread_safe (~> 0.1)
    unicorn (4.8.3)
      kgio (~> 2.6)
      rack
      raindrops (~> 0.7)
    uuidtools (2.1.4)

PLATFORMS
  ruby

DEPENDENCIES
  activesupport
  brokerizer!
  bunny
  event-subscriber!
  gatekeeperizer!
  logger
  mime-types (= 1.19)
  pry
  rake
  redis (~> 3.0.4)
  sequel
  sidekiq
  sidekiq-failures
  sidekiq-middleware
  sinatra
  sqlite3
  typhoeus
  unicorn
