GIT
  remote: https://075f5f799dc6cfd1d44e4b5c8db6094ded0cd9e7:x-oauth-basic@github.com/vitrue/brokerizer.git
  revision: 708469ac98b7bcb31dcc5622dde2e586e8a96688
  tag: v1.1.0
  specs:
    brokerizer (0.0.1)
      log4r (~> 1.1.10)
      sinatra-jsonp (>= 0.4.3)

GIT
  remote: https://075f5f799dc6cfd1d44e4b5c8db6094ded0cd9e7:x-oauth-basic@github.com/vitrue/event-subscriber.git
  revision: b4560873e8ce4051bf57853bf38680f3387ebeeb
  branch: yizjiang/broker_event
  specs:
    event-subscriber (0.1.9)
      amqp
      eventmachine
      httpclient
      uuidtools

GIT
  remote: https://075f5f799dc6cfd1d44e4b5c8db6094ded0cd9e7:x-oauth-basic@github.com/vitrue/gatekeeperizer.git
  revision: aadf212308b865a664b79d09ab9445d22e58256c
  tag: v1.0.5
  specs:
    gatekeeperizer (1.0.1)
      activesupport (>= 3.0.0)
      typhoeus (>= 0.3.3)

GEM
  remote: http://rubygems.org/
  specs:
    activemodel (4.1.4)
      activesupport (= 4.1.4)
      builder (~> 3.1)
    activesupport (4.1.4)
      i18n (~> 0.6, >= 0.6.9)
      json (~> 1.7, >= 1.7.7)
      minitest (~> 5.1)
      thread_safe (~> 0.1)
      tzinfo (~> 1.1)
    addressable (2.3.6)
    amq-protocol (1.9.2)
    amqp (1.4.1)
      amq-protocol (>= 1.9.2)
      eventmachine
    builder (3.2.2)
    bunny (1.4.0)
      amq-protocol (>= 1.9.2)
    capybara (2.4.1)
      mime-types (>= 1.16)
      nokogiri (>= 1.3.3)
      rack (>= 1.0.0)
      rack-test (>= 0.5.4)
      xpath (~> 2.0)
    celluloid (0.15.2)
      timers (~> 1.1.0)
    childprocess (0.5.3)
      ffi (~> 1.0, >= 1.0.11)
    coderay (1.1.0)
    columnize (0.8.9)
    connection_pool (2.0.0)
    crack (0.4.2)
      safe_yaml (~> 1.0.0)
    database_cleaner (1.2.0)
    debugger (1.6.8)
      columnize (>= 0.3.1)
      debugger-linecache (~> 1.2.0)
      debugger-ruby_core_source (~> 1.3.5)
    debugger-linecache (1.2.0)
    debugger-ruby_core_source (1.3.5)
    diff-lcs (1.2.5)
    docile (1.1.5)
    ethon (0.7.1)
      ffi (>= 1.3.0)
    eventmachine (1.0.3)
    faraday (0.8.9)
      multipart-post (~> 1.2.0)
    ffi (1.9.3)
    httpclient (2.4.0)
    i18n (0.6.11)
    jasmine (2.0.2)
      jasmine-core (~> 2.0.0)
      phantomjs
      rack (>= 1.2.1)
      rake
    jasmine-core (2.0.1)
    json (1.8.1)
    kgio (2.9.2)
    log4r (1.1.10)
    logger (1.2.8)
    method_source (0.8.2)
    mime-types (1.19)
    mini_portile (0.6.0)
    minitest (5.4.0)
    multi_json (1.10.1)
    multipart-post (1.2.0)
    nokogiri (1.6.3.1)
      mini_portile (= 0.6.0)
    phantomjs (1.9.7.1)
    protected_attributes (1.0.8)
      activemodel (>= 4.0.1, < 5.0)
    pry (0.10.0)
      coderay (~> 1.1.0)
      method_source (~> 0.8.1)
      slop (~> 3.4)
    rack (1.5.2)
    rack-protection (1.5.3)
      rack
    rack-test (0.6.2)
      rack (>= 1.0)
    raindrops (0.13.0)
    rake (10.3.2)
    redis (3.0.7)
    redis-namespace (1.5.0)
      redis (~> 3.0, >= 3.0.4)
    rspec (3.0.0)
      rspec-core (~> 3.0.0)
      rspec-expectations (~> 3.0.0)
      rspec-mocks (~> 3.0.0)
    rspec-core (3.0.3)
      rspec-support (~> 3.0.0)
    rspec-expectations (3.0.3)
      diff-lcs (>= 1.2.0, < 2.0)
      rspec-support (~> 3.0.0)
    rspec-mocks (3.0.3)
      rspec-support (~> 3.0.0)
    rspec-support (3.0.3)
    rubyzip (1.1.6)
    safe_yaml (1.0.3)
    selenium-webdriver (2.42.0)
      childprocess (>= 0.5.0)
      multi_json (~> 1.0)
      rubyzip (~> 1.0)
      websocket (~> 1.0.4)
    sequel (4.13.0)
    sidekiq (3.2.1)
      celluloid (>= 0.15.2)
      connection_pool (>= 2.0.0)
      json
      redis (>= 3.0.6)
      redis-namespace (>= 1.3.1)
    sidekiq-failures (0.4.3)
      sidekiq (>= 2.16.0)
    sidekiq-middleware (0.3.0)
      sidekiq (>= 2.12.4)
    simplecov (0.9.0)
      docile (~> 1.1.0)
      multi_json
      simplecov-html (~> 0.8.0)
    simplecov-html (0.8.0)
    sinatra (1.4.5)
      rack (~> 1.4)
      rack-protection (~> 1.4)
      tilt (~> 1.3, >= 1.3.4)
    sinatra-jsonp (0.4.3)
      multi_json (~> 1.8)
      sinatra (~> 1.0)
    slop (3.6.0)
    sqlite3 (1.3.9)
    thread_safe (0.3.4)
    tilt (1.4.1)
    timers (1.1.0)
    typhoeus (0.6.9)
      ethon (>= 0.7.1)
    tzinfo (1.2.1)
      thread_safe (~> 0.1)
    unicorn (4.8.3)
      kgio (~> 2.6)
      rack
      raindrops (~> 0.7)
    uuidtools (2.1.4)
    vcr (2.9.2)
    webmock (1.18.0)
      addressable (>= 2.3.6)
      crack (>= 0.3.2)
    websocket (1.0.7)
    xpath (2.0.0)
      nokogiri (~> 1.3)

PLATFORMS
  ruby

DEPENDENCIES
  activesupport
  brokerizer!
  bunny
  capybara
  database_cleaner (= 1.2.0)
  debugger
  event-subscriber!
  faraday (= 0.8.9)
  gatekeeperizer!
  jasmine
  logger
  mime-types (= 1.19)
  protected_attributes
  pry
  rake
  redis (~> 3.0.4)
  rspec
  selenium-webdriver
  sequel
  sidekiq
  sidekiq-failures
  sidekiq-middleware
  simplecov
  sinatra
  sqlite3
  typhoeus
  unicorn
  vcr
  webmock
